GEM
  remote: http://rubygems.org/
  specs:
    celluloid (0.10.0)
    connection_pool (0.9.1)
    multi_json (1.3.2)
    redis (2.2.2)
    redis-namespace (1.1.0)
      redis (< 3.0.0)
    sidekiq (1.1.3)
      celluloid (~> 0.10.0)
      connection_pool (~> 0.9.0)
      multi_json (~> 1.0)
      redis
      redis-namespace

PLATFORMS
  ruby

DEPENDENCIES
  sidekiq
